GEM
  remote: https://rubygems.org/
  specs:
    addressable (2.3.5)
    capistrano (2.15.5)
      highline
      net-scp (>= 1.0.0)
      net-sftp (>= 2.0.0)
      net-ssh (>= 2.0.14)
      net-ssh-gateway (>= 1.1.0)
    capistrano-ext (1.2.1)
      capistrano (>= 1.0.0)
    capistrano_colors (0.5.5)
    chromatic (0.6.1)
    coderay (1.1.0)
    curb (0.8.5)
    faraday (0.9.0)
      multipart-post (>= 1.2, < 3)
    highline (1.6.20)
    method_source (0.8.2)
    multipart-post (2.0.0)
    net-scp (1.1.2)
      net-ssh (>= 2.6.5)
    net-sftp (2.1.2)
      net-ssh (>= 2.6.5)
    net-ssh (2.8.0)
    net-ssh-gateway (1.2.0)
      net-ssh (>= 2.6.5)
    octokit (2.7.1)
      sawyer (~> 0.5.2)
    pry (0.9.12.6)
      coderay (~> 1.0)
      method_source (~> 0.8)
      slop (~> 3.4)
    railsless-deploy (1.1.3)
    rvm-capistrano (1.5.1)
      capistrano (~> 2.15.4)
    sawyer (0.5.3)
      addressable (~> 2.3.5)
      faraday (~> 0.8, < 0.10)
    slop (3.4.7)

PLATFORMS
  ruby

DEPENDENCIES
  capistrano (= 2.15.5)
  capistrano-ext
  capistrano_colors
  chromatic
  curb
  octokit (~> 2.0)
  pry
  railsless-deploy
  rvm-capistrano
